GEM
  remote: https://rubygems.org/
  specs:
    doc_raptor (0.3.2)
      httparty (>= 0.7.0)
    httparty (0.13.3)
      json (~> 1.8)
      multi_xml (>= 0.5.2)
    json (1.8.2)
    multi_xml (0.5.5)
    rake (10.4.2)

PLATFORMS
  ruby

DEPENDENCIES
  doc_raptor (~> 0.3)
  rake
